GEM
  remote: http://rubygems.org/
  specs:
    diff-lcs (1.1.3)
    rspec (2.6.0)
      rspec-core (~> 2.6.0)
      rspec-expectations (~> 2.6.0)
      rspec-mocks (~> 2.6.0)
    rspec-core (2.6.4)
    rspec-expectations (2.6.0)
      diff-lcs (~> 1.1.2)
    rspec-given (1.4.0)
      rspec (> 1.2.8)
    rspec-mocks (2.6.0)

PLATFORMS
  ruby

DEPENDENCIES
  rspec
  rspec-given
